GIT
  remote: https://github.com/damianFC/alexa-rubykit.git
  revision: 611810ea70ed1d637f388bd094bc0fef9bc4a253
  specs:
    alexa_rubykit (1.1.0)
      bundler (~> 1.7)
      rake (~> 10.0)

GEM
  remote: http://rubygems.org/
  specs:
    dotenv (2.1.1)
    oauth (0.5.1)
    rack (1.6.4)
    rack-protection (1.5.3)
      rack
    rake (10.5.0)
    sinatra (1.4.7)
      rack (~> 1.5)
      rack-protection (~> 1.4)
      tilt (>= 1.3, < 3)
    tilt (2.0.2)

PLATFORMS
  ruby

DEPENDENCIES
  alexa_rubykit!
  dotenv
  oauth
  sinatra

BUNDLED WITH
   1.11.2
